GEM
  remote: https://rubygems.org/
  specs:
    archive-tar-minitar (0.5.2)
    ast (2.0.0)
    awesome_print (1.2.0)
    chef (11.12.4)
      chef-zero (~> 2.0, >= 2.0.2)
      diff-lcs (~> 1.2, >= 1.2.4)
      erubis (~> 2.7)
      highline (~> 1.6, >= 1.6.9)
      json (>= 1.4.4, <= 1.8.1)
      mime-types (~> 1.16)
      mixlib-authentication (~> 1.3)
      mixlib-cli (~> 1.4)
      mixlib-config (~> 2.0)
      mixlib-log (~> 1.3)
      mixlib-shellout (~> 1.4)
      net-ssh (~> 2.6)
      net-ssh-multi (~> 1.1)
      ohai (~> 7.0.4)
      pry (~> 0.9)
      rest-client (>= 1.0.4, < 1.7.0)
      yajl-ruby (~> 1.1)
    chef-zero (2.1.4)
      hashie (~> 2.0)
      json
      mixlib-log (~> 1.3)
      rack
    chefspec (3.4.0)
      chef (~> 11.0)
      fauxhai (~> 2.0)
      rspec (~> 2.14)
    coderay (1.1.0)
    diff-lcs (1.2.5)
    erubis (2.7.0)
    fauxhai (2.1.2)
      net-ssh
      ohai
    foodcritic (0.3.0)
      nokogiri (~> 1.5.0)
      xml-simple (~> 1.1.1)
    hashie (2.1.1)
    highline (1.6.21)
    ipaddress (0.8.0)
    json (1.8.1)
    librarian (0.1.2)
      highline
      thor (~> 0.15)
    librarian-chef (0.0.2)
      archive-tar-minitar (>= 0.5.2)
      chef (>= 0.10)
      librarian (~> 0.1.0)
    method_source (0.8.2)
    mime-types (1.25.1)
    mixlib-authentication (1.3.0)
      mixlib-log
    mixlib-cli (1.5.0)
    mixlib-config (2.1.0)
    mixlib-log (1.6.0)
    mixlib-shellout (1.4.0)
    net-ssh (2.9.1)
    net-ssh-gateway (1.2.0)
      net-ssh (>= 2.6.5)
    net-ssh-multi (1.2.0)
      net-ssh (>= 2.6.5)
      net-ssh-gateway (>= 1.2.0)
    nokogiri (1.5.11)
    ohai (7.0.4)
      ipaddress
      mime-types (~> 1.16)
      mixlib-cli
      mixlib-config (~> 2.0)
      mixlib-log
      mixlib-shellout (~> 1.2)
      systemu (~> 2.5.2)
      yajl-ruby
    parser (2.1.9)
      ast (>= 1.1, < 3.0)
      slop (~> 3.4, >= 3.4.5)
    powerpack (0.0.9)
    pry (0.9.12.6)
      coderay (~> 1.0)
      method_source (~> 0.8)
      slop (~> 3.4)
    rack (1.5.2)
    rainbow (2.0.0)
    rest-client (1.6.7)
      mime-types (>= 1.16)
    rspec (2.99.0)
      rspec-core (~> 2.99.0)
      rspec-expectations (~> 2.99.0)
      rspec-mocks (~> 2.99.0)
    rspec-core (2.99.0)
    rspec-expectations (2.99.0)
      diff-lcs (>= 1.1.3, < 2.0)
    rspec-mocks (2.99.0)
    rubocop (0.22.0)
      json (>= 1.7.7, < 2)
      parser (~> 2.1.9)
      powerpack (~> 0.0.6)
      rainbow (>= 1.99.1, < 3.0)
      ruby-progressbar (~> 1.4)
    ruby-progressbar (1.5.1)
    slop (3.5.0)
    soloist (1.0.3)
      awesome_print
      chef
      hashie (~> 2.0)
      librarian-chef
      net-ssh
      thor
    systemu (2.5.2)
    thor (0.19.1)
    xml-simple (1.1.3)
    yajl-ruby (1.2.0)

PLATFORMS
  ruby

DEPENDENCIES
  chefspec
  foodcritic
  rspec
  rubocop
  soloist
